GEM
  remote: https://rubygems.org/
  specs:
    async-rack (0.5.1)
      rack (~> 1.1)
    colorize (0.7.5)
    rack (1.6.4)

PLATFORMS
  ruby

DEPENDENCIES
  async-rack
  colorize
