GEM
  remote: https://rubygems.org/
  specs:
    colorize (0.7.5)
    rack-async (0.1.0)

PLATFORMS
  ruby

DEPENDENCIES
  colorize
  rack-async
